GEM
  remote: https://rubygems.org/
  specs:
    httpclient (2.8.3)
    json (2.1.0)

PLATFORMS
  ruby

DEPENDENCIES
  httpclient (~> 2.8, >= 2.8.3)
  json (~> 2.1)

BUNDLED WITH
   1.16.0.pre.3
